GEM
  remote: https://rubygems.org/
  specs:
    addressable (2.3.8)
    azure (0.7.1)
      addressable (~> 2.3)
      faraday (~> 0.9)
      faraday_middleware (~> 0.10)
      json (~> 1.8)
      mime-types (>= 1, < 3.0)
      nokogiri (~> 1.6)
      systemu (~> 2.6)
      thor (~> 0.19)
      uuid (~> 2.0)
    faraday (0.9.2)
      multipart-post (>= 1.2, < 3)
    faraday_middleware (0.10.0)
      faraday (>= 0.7.4, < 0.10)
    json (1.8.3)
    macaddr (1.7.1)
      systemu (~> 2.6.2)
    mime-types (2.6.2)
    mini_portile (0.6.2)
    multipart-post (2.0.0)
    nokogiri (1.6.6.3)
      mini_portile (~> 0.6.0)
    systemu (2.6.5)
    thor (0.19.1)
    uuid (2.3.8)
      macaddr (~> 1.0)

PLATFORMS
  ruby

DEPENDENCIES
  azure
  thor
